PATH
  remote: .
  specs:
    nirvanahq (0.1.0)
      json
      simpleconsole
      uuid

GEM
  specs:
    json (1.4.6)
    macaddr (1.0.0)
    rake (0.8.7)
    redgreen (1.2.2)
    simpleconsole (0.1.1)
    uuid (2.3.1)
      macaddr (~> 1.0)

PLATFORMS
  ruby

DEPENDENCIES
  json
  nirvanahq!
  rake
  redgreen
  simpleconsole
  uuid
