PATH
  remote: .
  specs:
    nirvanahq (0.0.1)
      json

GEM
  specs:
    json (1.4.6)
    mocha (0.9.10)
      rake
    rake (0.8.7)

PLATFORMS
  ruby

DEPENDENCIES
  json
  mocha
  nirvanahq!
  rake
